GIT
  remote: git://github.com/pebblescape/grack.git
  revision: 90e974506837b5cbc7bcccfd4e6dcc228a19df87
  specs:
    gitlab-grack (2.0.0.pre)
      rack (>= 1.5.1)

GEM
  remote: https://rubygems.org/
  specs:
    builder (3.2.2)
    ci_reporter (2.0.0)
      builder (>= 2.1.2)
    ci_reporter_rspec (1.0.0)
      ci_reporter (~> 2.0)
      rspec (>= 2.14, < 4)
    coderay (1.1.0)
    diff-lcs (1.2.5)
    docile (1.1.5)
    excon (0.42.1)
    method_source (0.8.2)
    multi_json (1.10.1)
    pry (0.10.1)
      coderay (~> 1.1.0)
      method_source (~> 0.8.1)
      slop (~> 3.4)
    puma (2.11.1)
      rack (>= 1.1, < 2.0)
    rack (1.6.0)
    rake (10.4.2)
    rspec (3.1.0)
      rspec-core (~> 3.1.0)
      rspec-expectations (~> 3.1.0)
      rspec-mocks (~> 3.1.0)
    rspec-core (3.1.7)
      rspec-support (~> 3.1.0)
    rspec-expectations (3.1.2)
      diff-lcs (>= 1.2.0, < 2.0)
      rspec-support (~> 3.1.0)
    rspec-mocks (3.1.3)
      rspec-support (~> 3.1.0)
    rspec-support (3.1.2)
    simplecov (0.9.1)
      docile (~> 1.1.0)
      multi_json (~> 1.0)
      simplecov-html (~> 0.8.0)
    simplecov-html (0.8.0)
    simplecov-rcov (0.2.3)
      simplecov (>= 0.4.1)
    slop (3.6.0)
    vcr (2.9.3)

PLATFORMS
  ruby

DEPENDENCIES
  ci_reporter_rspec
  excon
  gitlab-grack!
  pry
  puma
  rake
  rspec (~> 3.1.0)
  simplecov
  simplecov-rcov
  vcr
